GIT
  remote: http://code.isin.space/JoshAshby/AshFrame.git
  revision: c6c8608325371970b22728ede9cfb443f8c739f9
  specs:
    ash_frame (1.1.0)

GEM
  remote: https://rubygems.org/
  specs:
    activesupport (4.2.6)
      i18n (~> 0.7)
      json (~> 1.7, >= 1.7.7)
      minitest (~> 5.1)
      thread_safe (~> 0.3, >= 0.3.4)
      tzinfo (~> 1.1)
    addressable (2.4.0)
    ansi (1.5.0)
    awesome_print (1.7.0)
    axiom-types (0.1.1)
      descendants_tracker (~> 0.0.4)
      ice_nine (~> 0.11.0)
      thread_safe (~> 0.3, >= 0.3.1)
    backports (3.6.8)
    bcrypt (3.1.11)
    better_errors (2.1.1)
      coderay (>= 1.0.0)
      erubis (>= 2.6.6)
      rack (>= 0.9.0)
    binding_of_caller (0.7.2)
      debug_inspector (>= 0.0.1)
    builder (3.2.2)
    byebug (9.0.5)
    celluloid (0.17.3)
      celluloid-essentials
      celluloid-extras
      celluloid-fsm
      celluloid-pool
      celluloid-supervision
      timers (>= 4.1.1)
    celluloid-essentials (0.20.5)
      timers (>= 4.1.1)
    celluloid-extras (0.20.5)
      timers (>= 4.1.1)
    celluloid-fsm (0.20.5)
      timers (>= 4.1.1)
    celluloid-pool (0.20.5)
      timers (>= 4.1.1)
    celluloid-supervision (0.20.6)
      timers (>= 4.1.1)
    coderay (1.1.1)
    coercible (1.0.0)
      descendants_tracker (~> 0.0.1)
    crack (0.4.3)
      safe_yaml (~> 1.0.0)
    daemons (1.2.3)
    debug_inspector (0.0.2)
    descendants_tracker (0.0.4)
      thread_safe (~> 0.3, >= 0.3.1)
    docile (1.1.5)
    equalizer (0.0.11)
    erubis (2.7.0)
    eventmachine (1.2.0.1)
    excon (0.49.0)
    faraday (0.9.2)
      multipart-post (>= 1.2, < 3)
    faraday-encoding (0.0.3)
      faraday
    faraday_middleware (0.10.0)
      faraday (>= 0.7.4, < 0.10)
    ffi (1.9.10)
    foreman (0.82.0)
      thor (~> 0.19.1)
    formatador (0.2.5)
    git-version-bump (0.15.1)
    globalid (0.3.6)
      activesupport (>= 4.1.0)
    guard (2.14.0)
      formatador (>= 0.2.4)
      listen (>= 2.7, < 4.0)
      lumberjack (~> 1.0)
      nenv (~> 0.1)
      notiffany (~> 0.0)
      pry (>= 0.9.12)
      shellany (~> 0.0)
      thor (>= 0.18.1)
    guard-compat (1.2.1)
    guard-minitest (2.4.5)
      guard-compat (~> 1.2)
      minitest (>= 3.0)
    haml (4.0.7)
      tilt
    hashdiff (0.3.0)
    hiredis (0.6.1)
    hitimes (1.2.4)
    i18n (0.7.0)
    ice_nine (0.11.2)
    json (1.8.3)
    jsonpath (0.5.8)
      multi_json
    liquid (3.0.6)
    listen (3.1.5)
      rb-fsevent (~> 0.9, >= 0.9.4)
      rb-inotify (~> 0.9, >= 0.9.7)
      ruby_dep (~> 1.2)
    lumberjack (1.0.10)
    method_source (0.8.2)
    mini_portile2 (2.1.0)
    minitest (5.9.0)
    minitest-focus (1.1.2)
      minitest (>= 4, < 6)
    minitest-reporters (1.1.9)
      ansi
      builder
      minitest (>= 5.0)
      ruby-progressbar
    minitest-stub_any_instance (1.0.1)
    multi_json (1.12.1)
    multipart-post (2.0.0)
    nenv (0.3.0)
    nokogiri (1.6.8)
      mini_portile2 (~> 2.1.0)
      pkg-config (~> 1.1.7)
    notiffany (0.1.0)
      nenv (~> 0.1)
      shellany (~> 0.0)
    pg (0.18.4)
    pkg-config (1.1.7)
    pry (0.10.3)
      coderay (~> 1.1.0)
      method_source (~> 0.8.1)
      slop (~> 3.4)
    rack (1.6.4)
    rack-contrib (1.4.0)
      git-version-bump (~> 0.15)
      rack (~> 1.4)
    rack-protection (1.5.3)
      rack
    rack-test (0.6.3)
      rack (>= 1.0)
    rake (11.2.2)
    rb-fsevent (0.9.7)
    rb-inotify (0.9.7)
      ffi (>= 0.5.0)
    redis (3.3.0)
    redis-activesupport (4.1.5)
      activesupport (>= 3, < 5)
      redis-store (~> 1.1.0)
    redis-store (1.1.7)
      redis (>= 2.2)
    require_all (1.3.3)
    ruby-progressbar (1.8.1)
    ruby_dep (1.3.1)
    safe_yaml (1.0.4)
    sequel (4.35.0)
    sequel_pg (1.6.17)
      pg (>= 0.8.0)
      sequel (>= 4.0.0)
    sequel_secure_password (0.2.12)
      bcrypt (>= 3.1, < 4.0)
      sequel (>= 4.1.0, < 5.0)
    shellany (0.0.1)
    simplecov (0.11.2)
      docile (~> 1.1.0)
      json (~> 1.8)
      simplecov-html (~> 0.10.0)
    simplecov-html (0.10.0)
    sinatra (1.4.7)
      rack (~> 1.5)
      rack-protection (~> 1.4)
      tilt (>= 1.3, < 3)
    sinatra-contrib (1.4.7)
      backports (>= 2.0)
      multi_json
      rack-protection
      rack-test
      sinatra (~> 1.4.0)
      tilt (>= 1.3, < 3)
    sinatra-flash (0.3.0)
      sinatra (>= 1.0.0)
    slop (3.6.0)
    telegram-bot-ruby (0.5.2)
      faraday
      virtus
    thin (1.7.0)
      daemons (~> 1.0, >= 1.0.9)
      eventmachine (~> 1.0, >= 1.0.4)
      rack (>= 1, < 3)
    thor (0.19.1)
    thread_safe (0.3.5)
    tilt (2.0.5)
    timers (4.1.1)
      hitimes
    tzinfo (1.2.2)
      thread_safe (~> 0.1)
    virtus (1.0.5)
      axiom-types (~> 0.1)
      coercible (~> 1.0)
      descendants_tracker (~> 0.0, >= 0.0.3)
      equalizer (~> 0.0, >= 0.0.9)
    webmock (2.1.0)
      addressable (>= 2.3.6)
      crack (>= 0.3.2)
      hashdiff
    yard (0.8.7.6)

PLATFORMS
  ruby

DEPENDENCIES
  activesupport (~> 4)
  ash_frame!
  awesome_print
  bcrypt
  better_errors
  binding_of_caller
  byebug
  celluloid
  excon
  faraday
  faraday-encoding
  faraday_middleware
  foreman
  globalid
  guard
  guard-minitest
  haml
  hiredis
  jsonpath
  liquid
  minitest
  minitest-focus
  minitest-reporters
  minitest-stub_any_instance
  nokogiri
  pg
  rack-contrib
  rack-test
  rake
  redis
  redis-activesupport
  require_all
  sequel
  sequel_pg
  sequel_secure_password
  simplecov
  sinatra
  sinatra-contrib
  sinatra-flash
  telegram-bot-ruby
  thin
  thor
  webmock
  yard

RUBY VERSION
   ruby 2.3.1p112

BUNDLED WITH
   1.12.4
